NUGET
  remote: https://www.nuget.org/api/v2
  specs:
    OpenCvSharp3-AnyCPU (3.1.0.20160114)
